GEM
  remote: https://rubygems.org/
  specs:
    diff-lcs (1.4.4)
    net-sftp (3.0.0)
      net-ssh (>= 5.0.0, < 7.0.0)
    net-ssh (6.1.0)
    rspec (3.10.0)
      rspec-core (~> 3.10.0)
      rspec-expectations (~> 3.10.0)
      rspec-mocks (~> 3.10.0)
    rspec-core (3.10.1)
      rspec-support (~> 3.10.0)
    rspec-expectations (3.10.1)
      diff-lcs (>= 1.2.0, < 2.0)
      rspec-support (~> 3.10.0)
    rspec-mocks (3.10.2)
      diff-lcs (>= 1.2.0, < 2.0)
      rspec-support (~> 3.10.0)
    rspec-support (3.10.2)

PLATFORMS
  ruby

DEPENDENCIES
  net-sftp
  rspec

BUNDLED WITH
   2.1.4
